GEM
  remote: https://rubygems.org/
  specs:
    minigit (0.0.3)
    thor (0.18.1)

PLATFORMS
  ruby

DEPENDENCIES
  minigit
  thor
